GEM
  remote: https://rubygems.org/
  specs:
    haml (4.0.3)
      tilt
    json (1.8.0)
    newrelic_rpm (3.6.5.130)
    rack (1.5.2)
    rack-protection (1.5.0)
      rack
    shotgun (0.9)
      rack (>= 1.0)
    sinatra (1.4.3)
      rack (~> 1.4)
      rack-protection (~> 1.4)
      tilt (~> 1.3, >= 1.3.4)
    tilt (1.4.1)
    wikipedia-client (1.3.0)

PLATFORMS
  ruby

DEPENDENCIES
  haml
  json
  newrelic_rpm
  shotgun
  sinatra
  wikipedia-client (~> 1.3.0)
